GEM
  remote: https://rubygems.org/
  specs:
    sqlite3 (1.3.13)

PLATFORMS
  ruby

DEPENDENCIES
  sqlite3 (~> 1.3, >= 1.3.13)

BUNDLED WITH
   1.15.0
